GIT
  remote: git://github.com/djstrong/progress.git
  revision: 46b34854f62c5f96a116cd971cd6d6226796e35c
  specs:
    progress (3.0.0)

PATH
  remote: ../wiki
  specs:
    cyclopedio-wiki (0.1.0)
      rod (~> 0.7.4.0)

GEM
  remote: http://rubygems.org/
  specs:
    RubyInline (3.12.4)
      ZenTest (~> 4.3)
<<<<<<< Updated upstream
    ZenTest (4.11.0)
    activemodel (3.2.9)
      activesupport (= 3.2.9)
=======
    ZenTest (4.12.1)
    activemodel (3.2.22.4)
      activesupport (= 3.2.22.4)
>>>>>>> Stashed changes
      builder (~> 3.0.0)
    activesupport (3.2.22.4)
      i18n (~> 0.6, >= 0.6.4)
      multi_json (~> 1.0)
    bsearch (1.5.0)
    builder (3.0.4)
    colors (0.0.7)
    concurrent-ruby (1.2.2)
    cycr (0.2.7)
      ref (~> 1.0.0)
<<<<<<< Updated upstream
    english (0.5.0)
    htmlentities (4.3.1)
    i18n (0.6.1)
    multi_json (1.3.7)
    rake (10.0.1)
=======
    english (0.7.2)
    htmlentities (4.3.4)
    i18n (0.9.5)
      concurrent-ruby (~> 1.0)
    multi_json (1.15.0)
    progress (3.6.0)
    rake (13.0.6)
>>>>>>> Stashed changes
    ref (1.0.5)
    rod (0.7.4.1)
      RubyInline (>= 3.10.0, < 4.0.0)
      activemodel (~> 3.2, >= 3.2.2)
      bsearch (>= 1.5.0, < 1.6.0)
      english (>= 0.5.0, < 0.6.0)
      ref (>= 1.0.5, < 2.0.0)
    slop (4.10.1)
    srx-english (0.1.2)
      term-ansicolor (~> 1.0.5)
    string_case_pl (0.1.2)
    term-ansicolor (1.0.7)

PLATFORMS
  ruby

DEPENDENCIES
  activesupport
  colors (~> 0.0.6)
  cyclopedio-wiki!
  cycr (~> 0.2.0)
  htmlentities
  progress!
  rake
  rod (~> 0.7.4.1)
  slop
  srx-english (~> 0.1.2)
  string_case_pl (~> 0.1.0)
<<<<<<< Updated upstream
=======

BUNDLED WITH
   2.3.6
>>>>>>> Stashed changes
