GIT
  remote: https://github.com/cycloped-io/wiki.git
  revision: 2569c4783857e34cab9ad3c67a22ee46e70920df
  specs:
    cyclopedio-wiki (0.1.0)
      rod (~> 0.7.4.0)

GEM
  remote: http://rubygems.org/
  specs:
    RubyInline (3.12.4)
      ZenTest (~> 4.3)
    ZenTest (4.11.0)
    activemodel (3.2.9)
      activesupport (= 3.2.9)
      builder (~> 3.0.0)
    activesupport (3.2.9)
      i18n (~> 0.6)
      multi_json (~> 1.0)
    bsearch (1.5.0)
    builder (3.0.4)
    colors (0.0.7)
    cycr (0.2.2)
      ref (~> 1.0.0)
    english (0.5.0)
    htmlentities (4.3.1)
    i18n (0.6.1)
    multi_json (1.3.7)
    progress (2.4.0)
    rake (10.0.1)
    ref (1.0.5)
    rod (0.7.4.1)
      RubyInline (>= 3.10.0, < 4.0.0)
      activemodel (~> 3.2, >= 3.2.2)
      bsearch (>= 1.5.0, < 1.6.0)
      english (>= 0.5.0, < 0.6.0)
      ref (>= 1.0.5, < 2.0.0)
    slop (3.5.0)
    srx-english (0.1.2)
      term-ansicolor (~> 1.0.5)
    string_case_pl (0.1.2)
    term-ansicolor (1.0.7)

PLATFORMS
  ruby

DEPENDENCIES
  activesupport
  colors (~> 0.0.6)
  cyclopedio-wiki!
  cycr (~> 0.2.0)
  htmlentities
  progress
  rake
  rod (~> 0.7.4.1)
  slop
  srx-english (~> 0.1.2)
  string_case_pl (~> 0.1.0)
